PATH
  remote: ../
  specs:
    auctioneer (0.0.0)

GEM
  remote: http://rubygems.org/
  specs:

PLATFORMS
  ruby

DEPENDENCIES
  auctioneer!
